GEM
  remote: https://rubygems.org/
  specs:
    chunky_png (1.4.0)
    compass (1.0.3)
      chunky_png (~> 1.2)
      compass-core (~> 1.0.2)
      compass-import-once (~> 1.0.5)
      rb-fsevent (>= 0.9.3)
      rb-inotify (>= 0.9)
      sass (>= 3.3.13, < 3.5)
    compass-core (1.0.3)
      multi_json (~> 1.0)
      sass (>= 3.3.0, < 3.5)
    compass-import-once (1.0.5)
      sass (>= 3.2, < 3.5)
    concurrent-ruby (1.2.2)
    daemons (1.4.1)
    date (3.3.3)
    eventmachine (1.2.7)
    ffi (1.15.4)
    i18n (1.12.0)
      concurrent-ruby (~> 1.0)
    mail (2.8.1)
      mini_mime (>= 0.1.1)
      net-imap
      net-pop
      net-smtp
    mime-types (3.4.1)
      mime-types-data (~> 3.2015)
    mime-types-data (3.2023.0218.1)
    mini_mime (1.1.2)
    moneta (1.1.1)
    multi_json (1.15.0)
    mustermann (2.0.2)
      ruby2_keywords (~> 0.0.1)
    net-imap (0.3.4)
      date
      net-protocol
    net-pop (0.1.2)
      net-protocol
    net-protocol (0.2.1)
      timeout
    net-smtp (0.3.3)
      net-protocol
    oj (3.13.9)
    padrino (0.15.3)
      padrino-admin (= 0.15.3)
      padrino-cache (= 0.15.3)
      padrino-core (= 0.15.3)
      padrino-gen (= 0.15.3)
      padrino-helpers (= 0.15.3)
      padrino-mailer (= 0.15.3)
      padrino-support (= 0.15.3)
    padrino-admin (0.15.3)
      padrino-core (= 0.15.3)
      padrino-helpers (= 0.15.3)
    padrino-cache (0.15.3)
      moneta (~> 1.1.0)
      padrino-core (= 0.15.3)
      padrino-helpers (= 0.15.3)
    padrino-core (0.15.3)
      padrino-support (= 0.15.3)
      sinatra (>= 2.2.4)
      thor (~> 1.0)
    padrino-gen (0.15.3)
      bundler (>= 1.0, < 3)
      padrino-core (= 0.15.3)
    padrino-helpers (0.15.3)
      i18n (>= 0.6.7, < 2)
      padrino-support (= 0.15.3)
      tilt (>= 1.4.1, < 3)
    padrino-mailer (0.15.3)
      mail (~> 2.5)
      mime-types (< 4)
      padrino-core (= 0.15.3)
    padrino-support (0.15.3)
    pg (1.2.3)
    rack (2.2.3)
    rack-protection (2.2.4)
      rack
    rb-fsevent (0.11.0)
    rb-inotify (0.10.1)
      ffi (~> 1.0)
    ruby2_keywords (0.0.5)
    sass (3.4.25)
    sequel (5.49.0)
    sinatra (2.2.4)
      mustermann (~> 2.0)
      rack (~> 2.2)
      rack-protection (= 2.2.4)
      tilt (~> 2.0)
    slim (4.1.0)
      temple (>= 0.7.6, < 0.9)
      tilt (>= 2.0.6, < 2.1)
    temple (0.8.2)
    thin (1.8.1)
      daemons (~> 1.0, >= 1.0.9)
      eventmachine (~> 1.0, >= 1.0.4)
      rack (>= 1, < 3)
    thor (1.2.1)
    tilt (2.0.10)
    timeout (0.3.2)

PLATFORMS
  arm64-darwin-20

DEPENDENCIES
  compass
  oj
  padrino (= 0.15.3)
  pg
  rack
  sequel
  slim
  thin

BUNDLED WITH
   2.3.22
